PATH
  remote: .
  specs:
    texqc (0.0.0)
      backtrace (~> 0.3)
      loog (~> 0.2)
      slop (~> 4.8.2)

GEM
  remote: https://rubygems.org/
  specs:
    ast (2.4.2)
    backtrace (0.4.0)
    builder (3.3.0)
    codecov (0.2.6)
      colorize
      json
      simplecov
    colorize (1.1.0)
    cucumber (1.3.20)
      builder (>= 2.1.2)
      diff-lcs (>= 1.1.3)
      gherkin (~> 2.12)
      multi_json (>= 1.7.5, < 2.0)
      multi_test (>= 0.1.2)
    diff-lcs (1.6.0)
    docile (1.4.1)
    gherkin (2.12.2)
      multi_json (~> 1.3)
    jaro_winkler (1.5.6)
    json (2.10.1)
    loog (0.6.0)
    multi_json (1.15.0)
    multi_test (1.1.0)
    parallel (1.26.3)
    parser (3.3.7.1)
      ast (~> 2.4.1)
      racc
    powerpack (0.1.3)
    racc (1.8.1)
    rainbow (3.1.1)
    rake (12.3.3)
    rubocop (0.61.0)
      jaro_winkler (~> 1.5.1)
      parallel (~> 1.10)
      parser (>= 2.5, != 2.5.1.1)
      powerpack (~> 0.1)
      rainbow (>= 2.2.2, < 4.0)
      ruby-progressbar (~> 1.7)
      unicode-display_width (~> 1.4.0)
    rubocop-minitest (0.0.1)
    rubocop-performance (1.0.0)
      rubocop (>= 0.58.0)
    rubocop-rake (0.5.1)
      rubocop
    rubocop-rspec (1.31.0)
      rubocop (>= 0.60.0)
    ruby-progressbar (1.13.0)
    simplecov (0.22.0)
      docile (~> 1.1)
      simplecov-html (~> 0.11)
      simplecov_json_formatter (~> 0.1)
    simplecov-html (0.13.1)
    simplecov_json_formatter (0.1.4)
    slop (4.8.2)
    unicode-display_width (1.4.1)

PLATFORMS
  arm64-darwin-23
  arm64-darwin-24
  ruby
  x64-mingw-ucrt
  x86_64-linux

DEPENDENCIES
  codecov (= 0.2.6)
  cucumber (~> 1.3.17)
  rake (= 12.3.3)
  rubocop (= 0.61.0)
  rubocop-minitest (> 0)
  rubocop-performance (> 0)
  rubocop-rake (> 0)
  rubocop-rspec (= 1.31.0)
  texqc!

BUNDLED WITH
   2.5.16
